{
	"Modality": "MR",
	"MagneticFieldStrength": 1.494,
	"ImagingFrequency": 63.6766,
	"Manufacturer": "Siemens",
	"DeviceSerialNumber": "25445",
	"BodyPartExamined": "BRAIN",
	"PatientPosition": "HFS",
	"ProcedureStepDescription": "BRAIN_BRAIN_VASCULAR",
	"SoftwareVersions": "syngo_MR_2004V_4VB11D",
	"MRAcquisitionType": "3D",
	"SeriesDescription": "sag_3d_flair_+c",
	"ProtocolName": "sag_3d_flair_+c",
	"ScanningSequence": "IR_SE",
	"SequenceVariant": "SK_SP_MP_OSP",
	"ScanOptions": "IR",
	"SequenceName": "_tir3d1_217ns",
	"ImageType": ["ORIGINAL", "PRIMARY", "M", "ND", "NORM"],
	"SeriesNumber": 17,
	"AcquisitionNumber": 1,
	"SliceThickness": 1,
	"SAR": 0.0817808,
	"EchoTime": 0.353,
	"RepetitionTime": 6,
	"InversionTime": 2.2,
	"FlipAngle": 180,
	"PercentPhaseFOV": 84.375,
	"EchoTrainLength": 217,
	"PhaseEncodingSteps": 217,
	"ReconMatrixPE": 256,
	"PixelBandwidth": 930,
	"ImageOrientationPatientDICOM": [
		0,
		1,
		0,
		0,
		0,
		-1	],
	"InPlanePhaseEncodingDirectionDICOM": "ROW",
	"ConversionSoftware": "dcm2niix",
	"ConversionSoftwareVersion": "v1.0.20181125  (JP2:OpenJPEG) (JP-LS:CharLS) GCC5.5.0"
}
