{
	"Modality": "MR",
	"MagneticFieldStrength": 3,
	"ImagingFrequency": 123.25,
	"Manufacturer": "Siemens",
	"ManufacturersModelName": "TrioTim",
	"DeviceSerialNumber": "35162",
	"BodyPartExamined": "BRAIN",
	"PatientPosition": "HFS",
	"ProcedureStepDescription": "INVESTIGATORS_CED",
	"SoftwareVersions": "syngo_MR_B15",
	"MRAcquisitionType": "3D",
	"SeriesDescription": "T2_SPACE",
	"ProtocolName": "T2_SPACE",
	"ScanningSequence": "SE",
	"SequenceVariant": "SK_SP",
	"ScanOptions": "PFP",
	"SequenceName": "_spc3d1_282ns",
	"ImageType": ["ORIGINAL", "PRIMARY", "M", "ND", "NORM"],
	"SeriesNumber": 4,
	"AcquisitionTime": "14:46:43.210000",
	"AcquisitionNumber": 1,
	"SliceThickness": 1,
	"SAR": 0.248155,
	"EchoTime": 0.428,
	"RepetitionTime": 3.2,
	"FlipAngle": 120,
	"PercentPhaseFOV": 100,
	"EchoTrainLength": 141,
	"PhaseEncodingSteps": 244,
	"AcquisitionMatrixPE": 258,
	"ReconMatrixPE": 256,
	"PixelBandwidth": 650,
	"ImageOrientationPatientDICOM": [
		-0.109644,
		0.934966,
		-0.337367,
		-0.0903997,
		-0.347387,
		-0.933354	],
	"InPlanePhaseEncodingDirectionDICOM": "ROW",
	"ConversionSoftware": "dcm2niix",
	"ConversionSoftwareVersion": "v1.0.20181125  (JP2:OpenJPEG) (JP-LS:CharLS) GCC5.5.0"
}
