{
	"Modality": "MR",
	"MagneticFieldStrength": 3,
	"ImagingFrequency": 123.25,
	"Manufacturer": "Siemens",
	"ManufacturersModelName": "TrioTim",
	"DeviceSerialNumber": "35162",
	"BodyPartExamined": "BRAIN",
	"PatientPosition": "HFS",
	"ProcedureStepDescription": "INVESTIGATORS_CED",
	"SoftwareVersions": "syngo_MR_B15",
	"MRAcquisitionType": "2D",
	"SeriesDescription": "DIFFUSION_HighRes_LOWB",
	"ProtocolName": "DIFFUSION_HighRes",
	"ScanningSequence": "EP",
	"SequenceVariant": "SK_SP",
	"ScanOptions": "PFP_FS",
	"SequenceName": "ep_b0_700",
	"ImageType": ["ORIGINAL", "PRIMARY", "DIFFUSION", "LOWB", "ND", "NORM"],
	"SeriesNumber": 26,
	"AcquisitionTime": "12:58:56.875000",
	"AcquisitionNumber": 1,
	"SliceThickness": 1.85,
	"SpacingBetweenSlices": 1.85,
	"SAR": 0.386421,
	"EchoTime": 0.084,
	"RepetitionTime": 7.98,
	"FlipAngle": 90,
	"PercentPhaseFOV": 100,
	"PhaseEncodingSteps": 95,
	"AcquisitionMatrixPE": 128,
	"ReconMatrixPE": 128,
	"PixelBandwidth": 1395,
	"PhaseEncodingAxis": "j",
	"ImageOrientationPatientDICOM": [
		0.996348,
		-0.0184346,
		0.0833739,
		0.0133683,
		0.998053,
		0.0609212	],
	"InPlanePhaseEncodingDirectionDICOM": "COL",
	"ConversionSoftware": "dcm2niix",
	"ConversionSoftwareVersion": "v1.0.20181125  (JP2:OpenJPEG) (JP-LS:CharLS) GCC5.5.0"
}
